GEM
  remote: http://rubygems.org/
  specs:
    ZenTest (4.8.1)
    ansi (1.4.2)
    autotest-growl (0.2.16)
    minitest (3.1.0)
    rake (0.9.2.2)
    turn (0.9.5)
      ansi

PLATFORMS
  ruby

DEPENDENCIES
  ZenTest
  autotest-growl
  minitest
  rake
  turn
